PATH
  remote: .
  specs:
    usefull_table (1.0.0)
      acts_as_xls
      rails (= 3.0.9)

PATH
  remote: /home/apps/rails_apps/gems/acts_as_monitor
  specs:
    acts_as_monitor (0.1.2)
      rails (= 3.0.9)

PATH
  remote: /home/apps/rails_apps/gems/acts_as_xls
  specs:
    acts_as_xls (1.0.2)
      axlsx
      rails (= 3.0.9)
      spreadsheet

GEM
  remote: http://rubygems.org/
  specs:
    abstract (1.0.0)
    actionmailer (3.0.9)
      actionpack (= 3.0.9)
      mail (~> 2.2.19)
    actionpack (3.0.9)
      activemodel (= 3.0.9)
      activesupport (= 3.0.9)
      builder (~> 2.1.2)
      erubis (~> 2.6.6)
      i18n (~> 0.5.0)
      rack (~> 1.2.1)
      rack-mount (~> 0.6.14)
      rack-test (~> 0.5.7)
      tzinfo (~> 0.3.23)
    activemodel (3.0.9)
      activesupport (= 3.0.9)
      builder (~> 2.1.2)
      i18n (~> 0.5.0)
    activerecord (3.0.9)
      activemodel (= 3.0.9)
      activesupport (= 3.0.9)
      arel (~> 2.0.10)
      tzinfo (~> 0.3.23)
    activeresource (3.0.9)
      activemodel (= 3.0.9)
      activesupport (= 3.0.9)
    activesupport (3.0.9)
    addressable (2.2.8)
    arel (2.0.10)
    axlsx (1.1.7)
      nokogiri (>= 1.4.1)
      rake (>= 0.8.7)
      rubyzip (>= 0.9.5)
    builder (2.1.2)
    capybara (1.1.2)
      mime-types (>= 1.16)
      nokogiri (>= 1.3.3)
      rack (>= 1.0.0)
      rack-test (>= 0.5.4)
      selenium-webdriver (~> 2.0)
      xpath (~> 0.1.4)
    childprocess (0.3.2)
      ffi (~> 1.0.6)
    columnize (0.3.6)
    erubis (2.6.6)
      abstract (>= 1.0.0)
    ffi (1.0.11)
    i18n (0.5.0)
    json (1.7.3)
    libwebsocket (0.1.3)
      addressable
    linecache (0.46)
      rbx-require-relative (> 0.0.4)
    mail (2.2.19)
      activesupport (>= 2.3.6)
      i18n (>= 0.4.0)
      mime-types (~> 1.16)
      treetop (~> 1.4.8)
    meta_search (1.0.6)
      actionpack (~> 3.0.2)
      activerecord (~> 3.0.2)
      activesupport (~> 3.0.2)
      arel (~> 2.0.2)
    mime-types (1.18)
    multi_json (1.3.6)
    nokogiri (1.5.3)
    polyglot (0.3.3)
    rack (1.2.5)
    rack-mount (0.6.14)
      rack (>= 1.0.0)
    rack-test (0.5.7)
      rack (>= 1.0)
    rails (3.0.9)
      actionmailer (= 3.0.9)
      actionpack (= 3.0.9)
      activerecord (= 3.0.9)
      activeresource (= 3.0.9)
      activesupport (= 3.0.9)
      bundler (~> 1.0)
      railties (= 3.0.9)
    railties (3.0.9)
      actionpack (= 3.0.9)
      activesupport (= 3.0.9)
      rake (>= 0.8.7)
      rdoc (~> 3.4)
      thor (~> 0.14.4)
    rake (0.9.2.2)
    rbx-require-relative (0.0.9)
    rdoc (3.12)
      json (~> 1.4)
    ruby-debug (0.10.4)
      columnize (>= 0.1)
      ruby-debug-base (~> 0.10.4.0)
    ruby-debug-base (0.10.4)
      linecache (>= 0.3)
    ruby-ole (1.2.11.3)
    rubyzip (0.9.8)
    selenium-webdriver (2.22.1)
      childprocess (>= 0.2.5)
      ffi (~> 1.0)
      libwebsocket (~> 0.1.3)
      multi_json (~> 1.0)
      rubyzip
    spreadsheet (0.7.3)
      ruby-ole (>= 1.0)
    thor (0.14.6)
    treetop (1.4.10)
      polyglot
      polyglot (>= 0.3.1)
    tzinfo (0.3.33)
    will_paginate (3.0.3)
    xpath (0.1.4)
      nokogiri (~> 1.3)

PLATFORMS
  ruby

DEPENDENCIES
  acts_as_monitor!
  acts_as_xls!
  capybara (>= 0.4.0)
  meta_search
  rails (= 3.0.9)
  ruby-debug
  usefull_table!
  will_paginate
